PATH
  remote: .
  specs:
    grim (0.0.1)
      thor

GEM
  remote: https://rubygems.org/
  specs:
    addressable (2.4.0)
    aruba (0.13.0)
      childprocess (~> 0.5.6)
      contracts (~> 0.9)
      cucumber (>= 1.3.19)
      ffi (~> 1.9.10)
      rspec-expectations (>= 2.99)
      thor (~> 0.19)
    builder (3.2.2)
    childprocess (0.5.9)
      ffi (~> 1.0, >= 1.0.11)
    contracts (0.13.0)
    crack (0.4.3)
      safe_yaml (~> 1.0.0)
    cucumber (2.3.2)
      builder (>= 2.1.2)
      cucumber-core (~> 1.4.0)
      cucumber-wire (~> 0.0.1)
      diff-lcs (>= 1.1.3)
      gherkin (~> 3.2.0)
      multi_json (>= 1.7.5, < 2.0)
      multi_test (>= 0.1.2)
    cucumber-core (1.4.0)
      gherkin (~> 3.2.0)
    cucumber-wire (0.0.1)
    diff-lcs (1.2.5)
    ffi (1.9.10)
    gherkin (3.2.0)
    hashdiff (0.3.0)
    multi_json (1.11.2)
    multi_test (0.1.2)
    rake (10.5.0)
    rspec-expectations (3.4.0)
      diff-lcs (>= 1.2.0, < 2.0)
      rspec-support (~> 3.4.0)
    rspec-support (3.4.1)
    safe_yaml (1.0.4)
    thor (0.19.1)
    vcr (3.0.1)
    webmock (1.22.6)
      addressable (>= 2.3.6)
      crack (>= 0.3.2)
      hashdiff

PLATFORMS
  ruby

DEPENDENCIES
  aruba
  bundler
  cucumber
  grim!
  rake
  vcr
  webmock

BUNDLED WITH
   1.11.2
